GIT
  remote: https://github.com/cloudlogistics/baldr.git
  revision: 039b8086b49617843eb02682d007eedc44ef4ab8
  specs:
    baldr (0.10.8)
      activesupport

GIT
  remote: https://github.com/irobayna/stupidedi.git
  revision: 7de2d0ad3de5993476d07605ac6cb67e202e6f47
  branch: gh-189
  specs:
    stupidedi (1.4.0)
      cantor (~> 1.2.1)
      term-ansicolor (~> 1.3)

GIT
  remote: https://github.com/randym/axlsx.git
  revision: c593a08b2a929dac7aa8dc418b55e26b4c49dc34
  specs:
    axlsx (3.0.0.pre)
      htmlentities (~> 4.3, >= 4.3.4)
      mimemagic (~> 0.3)
      nokogiri (~> 1.8, >= 1.8.2)
      rubyzip (~> 1.2, >= 1.2.1)

GEM
  remote: https://rubygems.org/
  specs:
    activesupport (6.0.0)
      concurrent-ruby (~> 1.0, >= 1.0.2)
      i18n (>= 0.7, < 2)
      minitest (~> 5.1)
      tzinfo (~> 1.1)
      zeitwerk (~> 2.1, >= 2.1.8)
    addressable (2.7.0)
      public_suffix (>= 2.0.2, < 5.0)
    awesome_print (1.8.0)
    cantor (1.2.1)
    colorize (0.8.1)
    concurrent-ruby (1.1.5)
    creek (2.4.4)
      http (~> 4.0)
      nokogiri (>= 1.7.0)
      rubyzip (>= 1.0.0)
    domain_name (0.5.20190701)
      unf (>= 0.0.5, < 1.0.0)
    htmlentities (4.3.4)
    http (4.1.1)
      addressable (~> 2.3)
      http-cookie (~> 1.0)
      http-form_data (~> 2.0)
      http_parser.rb (~> 0.6.0)
    http-cookie (1.0.3)
      domain_name (~> 0.5)
    http-form_data (2.1.1)
    http_parser.rb (0.6.0)
    i18n (1.6.0)
      concurrent-ruby (~> 1.0)
    mimemagic (0.3.3)
    mini_portile2 (2.4.0)
    minitest (5.12.1)
    mysql2 (0.5.2-x64-mingw32)
    nokogiri (1.10.4-x64-mingw32)
      mini_portile2 (~> 2.4.0)
    ox (2.11.0)
    oxcelix (0.4.2)
      ox (>= 2.1.7)
      rubyzip (>= 1.1.0)
    pd_x12 (1.4.7)
    public_suffix (4.0.1)
    rake (12.3.3)
    require_all (2.0.0)
    roo (2.8.2)
      nokogiri (~> 1)
      rubyzip (>= 1.2.1, < 2.0.0)
    roo-xls (1.2.0)
      nokogiri
      roo (>= 2.0.0, < 3)
      spreadsheet (> 0.9.0)
    ruby-ole (1.2.12.2)
    rubyXL (3.4.6)
      nokogiri (>= 1.4.4)
      rubyzip (>= 1.1.6)
    rubyzip (1.2.3)
    sequel (5.24.0)
    spreadsheet (1.2.4)
      ruby-ole (>= 1.0)
    term-ansicolor (1.7.1)
      tins (~> 1.0)
    thread_safe (0.3.6)
    tins (1.21.1)
    tzinfo (1.2.5)
      thread_safe (~> 0.1)
    unf (0.1.4)
      unf_ext
    unf_ext (0.0.7.6)
    write_xlsx (0.85.7)
      rubyzip (>= 1.0.0)
      zip-zip
    zeitwerk (2.1.10)
    zip-zip (0.3)
      rubyzip (>= 1.0.0)

PLATFORMS
  x64-mingw32

DEPENDENCIES
  awesome_print
  axlsx!
  baldr!
  colorize
  creek
  mysql2
  nokogiri
  oxcelix
  pd_x12 (= 1.4.7)
  rake
  require_all
  roo
  roo-xls
  rubyXL
  sequel
  stupidedi!
  write_xlsx

BUNDLED WITH
   2.0.2
